NUGET
  remote: https://nuget.org/api/v2
  specs:
    hello-world-fsharp (0.0.2)
